GEM
  remote: http://rubygem.org/
  specs:
    colorize (0.8.1)
    crack (0.4.5)
      rexml
    diff-lcs (1.5.0)
    faraday (1.10.1)
      faraday-em_http (~> 1.0)
      faraday-em_synchrony (~> 1.0)
      faraday-excon (~> 1.1)
      faraday-httpclient (~> 1.0)
      faraday-multipart (~> 1.0)
      faraday-net_http (~> 1.0)
      faraday-net_http_persistent (~> 1.0)
      faraday-patron (~> 1.0)
      faraday-rack (~> 1.0)
      faraday-retry (~> 1.0)
      ruby2_keywords (>= 0.0.4)
    faraday-em_http (1.0.0)
    faraday-em_synchrony (1.0.0)
    faraday-excon (1.1.0)
    faraday-httpclient (1.0.1)
    faraday-multipart (1.0.4)
      multipart-post (~> 2)
    faraday-net_http (1.0.1)
    faraday-net_http_persistent (1.2.0)
    faraday-patron (1.0.0)
    faraday-rack (1.0.0)
    faraday-retry (1.0.3)
    git (1.11.0)
      rchardet (~> 1.8)
    learn-co (4.1.0)
      learn-config (~> 1)
      learn-generate (~> 1)
      learn-hello (~> 1)
      learn-open (~> 1)
      learn-status (~> 1)
      learn-submit (~> 1)
      learn-test (~> 3.3.0)
      learn_linter (~> 1)
      netrc (>= 0.11.0)
      thor (>= 0.19.1)
    learn-config (1.0.78)
      learn-web (>= 1.5.0)
      netrc
    learn-generate (1.0.16)
    learn-hello (1.0.1)
      learn-web (>= 1.4.1)
      netrc
    learn-open (1.2.28)
      git
      learn-web (>= 1.5.2)
      netrc
    learn-status (1.0.1)
      colorize
      learn-web (>= 1.2.0)
      netrc
    learn-submit (1.3.1)
      git (~> 1.2)
      learn-web (~> 1.5, >= 1.5.0)
      netrc (~> 0)
    learn-test (3.3.1)
      colorize (~> 0.8.1)
      crack (~> 0.4.3)
      faraday (~> 1.0)
      git (~> 1.7)
      netrc (~> 0.11.0)
      oj (~> 3.10)
      rspec (~> 3.0)
      zeitwerk (~> 2.4.0)
    learn-web (1.5.5)
      faraday (~> 1.0)
      oj (~> 3.10)
    learn_linter (1.7.3)
    multipart-post (2.2.3)
    netrc (0.11.0)
    oj (3.13.20)
    rchardet (1.8.0)
    rexml (3.2.5)
    rspec (3.11.0)
      rspec-core (~> 3.11.0)
      rspec-expectations (~> 3.11.0)
      rspec-mocks (~> 3.11.0)
    rspec-core (3.11.0)
      rspec-support (~> 3.11.0)
    rspec-expectations (3.11.0)
      diff-lcs (>= 1.2.0, < 2.0)
      rspec-support (~> 3.11.0)
    rspec-mocks (3.11.1)
      diff-lcs (>= 1.2.0, < 2.0)
      rspec-support (~> 3.11.0)
    rspec-support (3.11.0)
    ruby2_keywords (0.0.5)
    thor (1.2.1)
    zeitwerk (2.4.2)

PLATFORMS
  x86_64-linux

DEPENDENCIES
  learn-co
  rspec

BUNDLED WITH
   2.3.19
